GEM
  remote: https://rubygems.org/
  specs:
    haml (5.0.4)
      temple (>= 0.8.0)
      tilt
    rack (2.2.3.1)
    sass (3.4.25)
    temple (0.8.0)
    tilt (2.0.8)

PLATFORMS
  ruby
  x86-mingw32

DEPENDENCIES
  haml
  rack (>= 2.1.4)
  sass

BUNDLED WITH
   1.17.1
